GEM
  remote: http://rubygems.org/
  remote: http://rubygems.org/
  specs:
    awesome_print (0.2.1)
    interactive_editor (0.0.4)
      spoon (>= 0.0.1)
    maruku (0.6.0)
      syntax (>= 1.0.0)
    spoon (0.0.1)
    syntax (1.0.0)

PLATFORMS
  ruby

DEPENDENCIES
  awesome_print (>= 0.2.1)
  interactive_editor (>= 0.0.4)
  maruku (>= 0.6.0)
